GEM
  remote: https://rubygems.org/
  specs:
    bigdecimal (3.1.9)
    cloud_events (0.7.1)
    csv (3.3.4)
    diff-lcs (1.6.1)
    dotenv (3.1.8)
    functions_framework (1.6.0)
      cloud_events (>= 0.7.0, < 2.a)
      puma (>= 4.3.0, < 7.a)
      rack (>= 2.1, < 4.a)
    httparty (0.23.1)
      csv
      mini_mime (>= 1.0.0)
      multi_xml (>= 0.5.2)
    mini_mime (1.1.5)
    multi_xml (0.7.2)
      bigdecimal (~> 3.1)
    nio4r (2.7.4)
    puma (6.6.0)
      nio4r (~> 2.0)
    rack (3.1.13)
    rspec (3.13.0)
      rspec-core (~> 3.13.0)
      rspec-expectations (~> 3.13.0)
      rspec-mocks (~> 3.13.0)
    rspec-core (3.13.3)
      rspec-support (~> 3.13.0)
    rspec-expectations (3.13.4)
      diff-lcs (>= 1.2.0, < 2.0)
      rspec-support (~> 3.13.0)
    rspec-mocks (3.13.3)
      diff-lcs (>= 1.2.0, < 2.0)
      rspec-support (~> 3.13.0)
    rspec-support (3.13.3)

PLATFORMS
  ruby
  x86_64-linux

DEPENDENCIES
  dotenv
  functions_framework (~> 1.4)
  httparty
  rspec

BUNDLED WITH
   2.5.22
